PATH
  remote: ../..
  specs:
    encoded_token (1.0.2)

GEM
  remote: https://rubygems.org/
  specs:
    ast (2.4.2)
    debug (0.2.1)
    diff-lcs (1.5.0)
    docile (1.4.0)
    nio4r (2.5.8)
    parser (2.7.2.0)
      ast (~> 2.4.1)
    powerpack (0.0.9)
    psych (4.0.6)
      stringio
    puma (6.0.0)
      nio4r (~> 2.0)
    rainbow (3.1.1)
    rake (13.0.6)
    rdoc (6.4.0)
      psych (>= 4.0.0)
    rexml (3.2.5)
    rspec (3.11.0)
      rspec-core (~> 3.11.0)
      rspec-expectations (~> 3.11.0)
      rspec-mocks (~> 3.11.0)
    rspec-core (3.11.0)
      rspec-support (~> 3.11.0)
    rspec-expectations (3.11.1)
      diff-lcs (>= 1.2.0, < 2.0)
      rspec-support (~> 3.11.0)
    rspec-mocks (3.11.1)
      diff-lcs (>= 1.2.0, < 2.0)
      rspec-support (~> 3.11.0)
    rspec-support (3.11.1)
    rubocop (0.16.0)
      parser (~> 2.1)
      powerpack (~> 0.0.6)
      rainbow (>= 1.1.4)
    sdoc (2.4.0)
      rdoc (>= 5.0)
    simplecov (0.21.2)
      docile (~> 1.1)
      simplecov-html (~> 0.11)
      simplecov_json_formatter (~> 0.1)
    simplecov-cobertura (2.1.0)
      rexml
      simplecov (~> 0.19)
    simplecov-html (0.12.3)
    simplecov_json_formatter (0.1.4)
    stringio (3.0.2)

PLATFORMS
  arm64-darwin-21
  x86_64-linux

DEPENDENCIES
  debug
  encoded_token!
  puma
  rake
  rspec
  rubocop
  sdoc
  simplecov
  simplecov-cobertura

RUBY VERSION
   ruby 3.1.2p20

BUNDLED WITH
   2.3.23
